GEM
  remote: https://rubygems.org/
  specs:
<<<<<<< HEAD
    addressable (2.3.2)
    ansi (1.4.3)
    boxen (1.0.0)
      ansi (~> 1.4)
      hiera (~> 1.0.0)
      highline (~> 1.6)
      json_pure (>= 1.7.7, < 2.0)
      librarian-puppet (~> 0.9)
      octokit (~> 1.15)
      puppet (~> 3.0)
    cardboard (1.0.0)
      boxen (~> 1.0)
      puppet-lint (~> 0.3)
      puppetlabs_spec_helper (~> 0.4)
      rspec-puppet (~> 0.1)
    diff-lcs (1.1.3)
    facter (1.6.17)
    faraday (0.8.5)
      multipart-post (~> 1.1)
    faraday_middleware (0.9.0)
      faraday (>= 0.7.4, < 0.9)
    hashie (1.2.0)
    hiera (1.0.0)
    highline (1.6.15)
    json (1.7.7)
    json_pure (1.7.7)
    librarian-puppet (0.9.8)
      json
      thor (~> 0.15)
    metaclass (0.0.1)
    mocha (0.13.2)
      metaclass (~> 0.0.1)
    multi_json (1.6.0)
    multipart-post (1.1.5)
    netrc (0.7.7)
    octokit (1.23.0)
      addressable (~> 2.2)
      faraday (~> 0.8)
      faraday_middleware (~> 0.9)
      hashie (~> 1.2)
      multi_json (~> 1.3)
      netrc (~> 0.7.7)
    puppet (3.1.0)
      facter (~> 1.6)
      hiera (~> 1.0)
=======
    CFPropertyList (2.2.8)
    addressable (2.3.6)
    ansi (1.4.3)
    boxen (2.6.0)
      ansi (~> 1.4)
      hiera (~> 1.0)
      highline (~> 1.6)
      json_pure (>= 1.7.7, < 2.0)
      librarian-puppet (~> 1.0.0)
      octokit (~> 2.7, >= 2.7.1)
      puppet (~> 3.0)
    cardboard (2.1.0)
      boxen (~> 2.1)
      puppet-lint (~> 0.3)
      puppetlabs_spec_helper (~> 0.4)
      rspec-puppet (~> 1.0)
    diff-lcs (1.2.5)
    facter (2.0.1)
      CFPropertyList (~> 2.2.6)
    faraday (0.9.0)
      multipart-post (>= 1.2, < 3)
    hiera (1.3.2)
      json_pure
    highline (1.6.21)
    json (1.8.1)
    json_pure (1.8.1)
    librarian (0.1.2)
      highline
      thor (~> 0.15)
    librarian-puppet (1.0.2)
      json
      librarian (>= 0.1.2)
    metaclass (0.0.4)
    mocha (1.1.0)
      metaclass (~> 0.0.1)
    multipart-post (2.0.0)
    octokit (2.7.2)
      sawyer (~> 0.5.2)
    puppet (3.6.0)
      facter (> 1.6, < 3)
      hiera (~> 1.0)
      json_pure
      rgen (~> 0.6.5)
>>>>>>> template/master
    puppet-lint (0.3.2)
    puppetlabs_spec_helper (0.4.1)
      mocha (>= 0.10.5)
      rake
      rspec (>= 2.9.0)
      rspec-puppet (>= 0.1.1)
<<<<<<< HEAD
    rake (10.0.3)
    rspec (2.12.0)
      rspec-core (~> 2.12.0)
      rspec-expectations (~> 2.12.0)
      rspec-mocks (~> 2.12.0)
    rspec-core (2.12.2)
    rspec-expectations (2.12.1)
      diff-lcs (~> 1.1.3)
    rspec-mocks (2.12.2)
    rspec-puppet (0.1.6)
      rspec
    thor (0.17.0)
=======
    rake (10.3.2)
    rgen (0.6.6)
    rspec (2.14.1)
      rspec-core (~> 2.14.0)
      rspec-expectations (~> 2.14.0)
      rspec-mocks (~> 2.14.0)
    rspec-core (2.14.8)
    rspec-expectations (2.14.5)
      diff-lcs (>= 1.1.3, < 2.0)
    rspec-mocks (2.14.6)
    rspec-puppet (1.0.1)
      rspec
    sawyer (0.5.4)
      addressable (~> 2.3.5)
      faraday (~> 0.8, < 0.10)
    thor (0.19.1)
>>>>>>> template/master

PLATFORMS
  ruby

DEPENDENCIES
<<<<<<< HEAD
  cardboard (~> 1.0)
=======
  cardboard (~> 2.1)
>>>>>>> template/master
